STORAGE: NONE
RESTRICTION: == net7.0
NUGET
  remote: https://api.nuget.org/v3/index.json
    Argu (6.1.1)
      FSharp.Core (>= 4.3.2)
      System.Configuration.ConfigurationManager (>= 4.4)
    Base62-Net (1.2.157201)
    Dapper (2.0.123)
    Dapper.FSharp (4.5)
      Dapper (>= 2.0.123)
      FSharp.Core (>= 6.0.7)
    dbup-core (5.0.10)
      Microsoft.CSharp (>= 4.7)
      System.Diagnostics.TraceSource (>= 4.3)
    dbup-sqlite (5.0.8)
      dbup-core (>= 5.0.8)
      Microsoft.Data.Sqlite (>= 1.0.1)
      NETStandard.Library (>= 1.6.1)
    FSharp.Core (7.0.200)
    FSharp.SystemTextJson (1.1.23)
      FSharp.Core (>= 4.7)
      System.Text.Json (>= 6.0)
    FSharpPlus (1.4.1)
      FSharp.Core (>= 6.0.6)
    FsUnit (5.3)
      FSharp.Core (>= 6.0.7)
      NUnit (>= 3.13.3 < 3.14)
    Giraffe (6.0)
      FSharp.Core (>= 6.0.1)
      Giraffe.ViewEngine (>= 1.3)
      Microsoft.IO.RecyclableMemoryStream (>= 2.2)
      Newtonsoft.Json (>= 13.0.1)
      System.Text.Json (>= 6.0.2)
      Utf8Json (>= 1.3.7)
    Giraffe.ViewEngine (1.4)
      FSharp.Core (>= 5.0)
    JetBrains.Annotations (2022.3.1)
    Ksuid (1.0)
      Base62-Net (>= 1.2.157201)
      JetBrains.Annotations (>= 2021.3)
      System.Runtime.Extensions (>= 4.3.1)
    Microsoft.CodeCoverage (17.5)
    Microsoft.CSharp (4.7)
    Microsoft.Data.Sqlite (7.0.5)
      Microsoft.Data.Sqlite.Core (>= 7.0.5)
      SQLitePCLRaw.bundle_e_sqlite3 (>= 2.1.4)
    Microsoft.Data.Sqlite.Core (7.0.5)
      SQLitePCLRaw.core (>= 2.1.4)
    Microsoft.IO.RecyclableMemoryStream (2.3.2)
    Microsoft.NET.Test.Sdk (17.5)
      Microsoft.CodeCoverage (>= 17.5)
      Microsoft.TestPlatform.TestHost (>= 17.5)
    Microsoft.NETCore.Platforms (7.0.2)
    Microsoft.NETCore.Targets (5.0)
    Microsoft.TestPlatform.ObjectModel (17.5)
      NuGet.Frameworks (>= 5.11)
      System.Reflection.Metadata (>= 1.6)
    Microsoft.TestPlatform.TestHost (17.5)
      Microsoft.TestPlatform.ObjectModel (>= 17.5)
      Newtonsoft.Json (>= 13.0.1)
    Microsoft.Win32.SystemEvents (7.0)
    NETStandard.Library (2.0.3)
      Microsoft.NETCore.Platforms (>= 1.1)
    Newtonsoft.Json (13.0.3)
    NuGet.Frameworks (6.5)
    NUnit (3.13.3)
      NETStandard.Library (>= 2.0)
    NUnit3TestAdapter (4.4.2)
    runtime.native.System (4.3.1)
      Microsoft.NETCore.Platforms (>= 1.1.1)
      Microsoft.NETCore.Targets (>= 1.1.3)
    SQLitePCLRaw.bundle_e_sqlite3 (2.1.4)
      SQLitePCLRaw.lib.e_sqlite3 (>= 2.1.4)
      SQLitePCLRaw.provider.e_sqlite3 (>= 2.1.4)
    SQLitePCLRaw.core (2.1.4)
      System.Memory (>= 4.5.3)
    SQLitePCLRaw.lib.e_sqlite3 (2.1.4)
    SQLitePCLRaw.provider.e_sqlite3 (2.1.4)
      SQLitePCLRaw.core (>= 2.1.4)
    System.Collections (4.3)
      Microsoft.NETCore.Platforms (>= 1.1)
      Microsoft.NETCore.Targets (>= 1.1)
      System.Runtime (>= 4.3)
    System.Collections.Immutable (7.0)
    System.Configuration.ConfigurationManager (7.0)
      System.Diagnostics.EventLog (>= 7.0)
      System.Security.Cryptography.ProtectedData (>= 7.0)
      System.Security.Permissions (>= 7.0)
    System.Diagnostics.Debug (4.3)
      Microsoft.NETCore.Platforms (>= 1.1)
      Microsoft.NETCore.Targets (>= 1.1)
      System.Runtime (>= 4.3)
    System.Diagnostics.EventLog (7.0)
    System.Diagnostics.TraceSource (4.3)
      Microsoft.NETCore.Platforms (>= 1.1)
      runtime.native.System (>= 4.3)
      System.Collections (>= 4.3)
      System.Diagnostics.Debug (>= 4.3)
      System.Globalization (>= 4.3)
      System.Resources.ResourceManager (>= 4.3)
      System.Runtime (>= 4.3)
      System.Runtime.Extensions (>= 4.3)
      System.Threading (>= 4.3)
    System.Drawing.Common (7.0)
      Microsoft.Win32.SystemEvents (>= 7.0)
    System.Globalization (4.3)
      Microsoft.NETCore.Platforms (>= 1.1)
      Microsoft.NETCore.Targets (>= 1.1)
      System.Runtime (>= 4.3)
    System.IO (4.3)
      Microsoft.NETCore.Platforms (>= 1.1)
      Microsoft.NETCore.Targets (>= 1.1)
      System.Runtime (>= 4.3)
      System.Text.Encoding (>= 4.3)
      System.Threading.Tasks (>= 4.3)
    System.Memory (4.5.5)
    System.Reflection (4.3)
      Microsoft.NETCore.Platforms (>= 1.1)
      Microsoft.NETCore.Targets (>= 1.1)
      System.IO (>= 4.3)
      System.Reflection.Primitives (>= 4.3)
      System.Runtime (>= 4.3)
    System.Reflection.Emit (4.7)
    System.Reflection.Emit.Lightweight (4.7)
    System.Reflection.Metadata (7.0.1)
      System.Collections.Immutable (>= 7.0)
    System.Reflection.Primitives (4.3)
      Microsoft.NETCore.Platforms (>= 1.1)
      Microsoft.NETCore.Targets (>= 1.1)
      System.Runtime (>= 4.3)
    System.Resources.ResourceManager (4.3)
      Microsoft.NETCore.Platforms (>= 1.1)
      Microsoft.NETCore.Targets (>= 1.1)
      System.Globalization (>= 4.3)
      System.Reflection (>= 4.3)
      System.Runtime (>= 4.3)
    System.Runtime (4.3.1)
      Microsoft.NETCore.Platforms (>= 1.1.1)
      Microsoft.NETCore.Targets (>= 1.1.3)
    System.Runtime.Extensions (4.3.1)
      Microsoft.NETCore.Platforms (>= 1.1.1)
      Microsoft.NETCore.Targets (>= 1.1.3)
      System.Runtime (>= 4.3.1)
    System.Security.Cryptography.ProtectedData (7.0.1)
    System.Security.Permissions (7.0)
      System.Windows.Extensions (>= 7.0)
    System.Text.Encoding (4.3)
      Microsoft.NETCore.Platforms (>= 1.1)
      Microsoft.NETCore.Targets (>= 1.1)
      System.Runtime (>= 4.3)
    System.Text.Encodings.Web (7.0)
    System.Text.Json (7.0.2)
      System.Text.Encodings.Web (>= 7.0)
    System.Threading (4.3)
      System.Runtime (>= 4.3)
      System.Threading.Tasks (>= 4.3)
    System.Threading.Tasks (4.3)
      Microsoft.NETCore.Platforms (>= 1.1)
      Microsoft.NETCore.Targets (>= 1.1)
      System.Runtime (>= 4.3)
    System.Threading.Tasks.Extensions (4.5.4)
    System.ValueTuple (4.5)
    System.Windows.Extensions (7.0)
      System.Drawing.Common (>= 7.0)
    Utf8Json (1.3.7)
      System.Reflection.Emit (>= 4.3)
      System.Reflection.Emit.Lightweight (>= 4.3)
      System.Threading.Tasks.Extensions (>= 4.4)
      System.ValueTuple (>= 4.4)
